GEM
  remote: https://rubygems.org/
  specs:
    scan_beacon (0.7.11)

PLATFORMS
  ruby

DEPENDENCIES
  scan_beacon

BUNDLED WITH
   1.17.1
